GIT
  remote: https://github.com/rom-rb/rom
  revision: d2d5cdadb25f852558a1329b82d76b0de94a49fa
  branch: master
  specs:
    rom (4.0.0.beta1)
      rom-changeset (~> 1.0.0.beta)
      rom-core (~> 4.0.0.beta)
      rom-mapper (~> 1.0.0.beta)
      rom-repository (~> 2.0.0.beta)
    rom-changeset (1.0.0.beta)
      dry-core (~> 0.3, >= 0.3.1)
      transproc (~> 1.0)
    rom-core (4.0.0.beta1)
      concurrent-ruby (~> 1.0)
      dry-container (~> 0.6)
      dry-core (~> 0.3)
      dry-equalizer (~> 0.2)
      dry-initializer (~> 1.3)
      dry-types (~> 0.9, >= 0.9.4)
      rom-mapper (~> 1.0.0.beta)
    rom-mapper (1.0.0.beta1)
      dry-core (~> 0.3, >= 0.3.1)
      dry-equalizer (~> 0.2)
      transproc (~> 1.0)
    rom-repository (2.0.0.beta1)
      dry-struct (~> 0.3)
      rom-mapper (~> 1.0.0.beta)

PATH
  remote: .
  specs:
    rom-ldap (0.0.5)
      dry-core
      dry-types
      ladle
      net-ldap
      rom
      thor
      transproc

GEM
  remote: https://rubygems.org/
  specs:
    byebug (9.0.6)
    coderay (1.1.1)
    concurrent-ruby (1.0.5)
    dry-configurable (0.7.0)
      concurrent-ruby (~> 1.0)
    dry-container (0.6.0)
      concurrent-ruby (~> 1.0)
      dry-configurable (~> 0.1, >= 0.1.3)
    dry-core (0.3.1)
      concurrent-ruby (~> 1.0)
    dry-equalizer (0.2.0)
    dry-initializer (1.4.1)
    dry-logic (0.4.1)
      dry-container (~> 0.2, >= 0.2.6)
      dry-core (~> 0.2)
      dry-equalizer (~> 0.2)
    dry-struct (0.3.0)
      dry-configurable (~> 0.1)
      dry-core (~> 0.3)
      dry-equalizer (~> 0.2)
      dry-types (~> 0.9, >= 0.9.0)
      ice_nine (~> 0.11)
    dry-types (0.10.3)
      concurrent-ruby (~> 1.0)
      dry-configurable (~> 0.1)
      dry-container (~> 0.3)
      dry-core (~> 0.2, >= 0.2.1)
      dry-equalizer (~> 0.2)
      dry-logic (~> 0.4, >= 0.4.0)
      inflecto (~> 0.0.0, >= 0.0.2)
    faker (1.7.3)
      i18n (~> 0.5)
    i18n (0.8.1)
    ice_nine (0.11.2)
    inflecto (0.0.2)
    ladle (1.0.1)
      open4 (~> 1.0)
    method_source (0.8.2)
    net-ldap (0.16.0)
    open4 (1.3.4)
    pry (0.10.4)
      coderay (~> 1.1.0)
      method_source (~> 0.8.1)
      slop (~> 3.4)
    pry-byebug (3.4.2)
      byebug (~> 9.0)
      pry (~> 0.10)
    rake (12.0.0)
    slop (3.6.0)
    thor (0.19.4)
    transproc (1.0.2)

PLATFORMS
  ruby
  x86_64-darwin-15

DEPENDENCIES
  bundler
  faker
  pry-byebug
  rake
  rom!
  rom-ldap!

BUNDLED WITH
   1.15.1
