PATH
  remote: .
  specs:
    rom-ldap (0.0.5)
      dry-core (~> 0.3)
      dry-types (~> 0.12)
      net-ldap
      rom-core (~> 4.0.0.rc)
      transproc

GEM
  remote: https://rubygems.org/
  specs:
    ast (2.3.0)
    byebug (9.1.0)
    codeclimate-test-reporter (1.0.8)
      simplecov (<= 0.13)
    coderay (1.1.2)
    concurrent-ruby (1.0.5)
    docile (1.1.5)
    dry-configurable (0.7.0)
      concurrent-ruby (~> 1.0)
    dry-container (0.6.0)
      concurrent-ruby (~> 1.0)
      dry-configurable (~> 0.1, >= 0.1.3)
    dry-core (0.3.4)
      concurrent-ruby (~> 1.0)
    dry-equalizer (0.2.0)
    dry-initializer (2.3.0)
    dry-logic (0.4.2)
      dry-container (~> 0.2, >= 0.2.6)
      dry-core (~> 0.2)
      dry-equalizer (~> 0.2)
    dry-struct (0.3.1)
      dry-configurable (~> 0.1)
      dry-core (~> 0.3)
      dry-equalizer (~> 0.2)
      dry-types (~> 0.9, >= 0.9.0)
      ice_nine (~> 0.11)
    dry-types (0.12.0)
      concurrent-ruby (~> 1.0)
      dry-configurable (~> 0.1)
      dry-container (~> 0.3)
      dry-core (~> 0.2, >= 0.2.1)
      dry-equalizer (~> 0.2)
      dry-logic (~> 0.4, >= 0.4.2)
      inflecto (~> 0.0.0, >= 0.0.2)
    faker (1.8.4)
      i18n (~> 0.5)
    i18n (0.8.6)
    ice_nine (0.11.2)
    inflecto (0.0.2)
    json (2.1.0)
    method_source (0.9.0)
    minitest (5.10.3)
    net-ldap (0.16.0)
    parallel (1.12.0)
    parser (2.4.0.0)
      ast (~> 2.2)
    powerpack (0.1.1)
    pry (0.11.1)
      coderay (~> 1.1.0)
      method_source (~> 0.9.0)
    pry-byebug (3.5.0)
      byebug (~> 9.1)
      pry (~> 0.10)
    rainbow (2.2.2)
      rake
    rake (10.5.0)
    rom-core (4.0.0.rc1)
      concurrent-ruby (~> 1.0)
      dry-container (~> 0.6)
      dry-core (~> 0.3)
      dry-equalizer (~> 0.2)
      dry-initializer (~> 2.0)
      dry-types (~> 0.12)
      rom-mapper (~> 1.0.0.beta)
    rom-factory (0.4.0)
      dry-configurable (~> 0.1)
      dry-core (~> 0.2)
      dry-struct (~> 0.2)
      faker (~> 1.7)
    rom-mapper (1.0.0.rc1)
      dry-core (~> 0.3, >= 0.3.1)
      dry-equalizer (~> 0.2)
      transproc (~> 1.0)
    rubocop (0.50.0)
      parallel (~> 1.10)
      parser (>= 2.3.3.1, < 3.0)
      powerpack (~> 0.1)
      rainbow (>= 2.2.2, < 3.0)
      ruby-progressbar (~> 1.7)
      unicode-display_width (~> 1.0, >= 1.0.1)
    ruby-progressbar (1.9.0)
    simplecov (0.13.0)
      docile (~> 1.1.0)
      json (>= 1.8, < 3)
      simplecov-html (~> 0.10.0)
    simplecov-html (0.10.2)
    transproc (1.0.2)
    unicode-display_width (1.3.0)

PLATFORMS
  ruby
  x86_64-darwin-15

DEPENDENCIES
  bundler
  codeclimate-test-reporter
  minitest
  pry
  pry-byebug
  rake (~> 10.0)
  rom-factory (~> 0.4.0)
  rom-ldap!
  rubocop
  simplecov

BUNDLED WITH
   1.15.4
