GIT
  remote: https://github.com/rom-rb/rom
  revision: 8ad01fc0b99381ff64ad73d604d979b9c7c7fb92
  tag: v3.0.0
  specs:
    rom (3.0.0)
      concurrent-ruby (~> 1.0)
      dry-core (~> 0.2, >= 0.2.3)
      dry-equalizer (~> 0.2)
      dry-initializer (~> 0.10, >= 0.10.2)
      dry-types (~> 0.9, >= 0.9.4)
      rom-mapper (~> 0.5)

PATH
  remote: .
  specs:
    rom-ldap (0.0.2)
      dry-core
      dry-initializer
      dry-types
      ladle
      net-ldap (~> 0.15.0)
      rom (~> 3.0.0)
      thor

GEM
  remote: https://rubygems.org/
  specs:
    byebug (9.0.6)
    concurrent-ruby (1.0.5)
    dry-configurable (0.6.2)
      concurrent-ruby (~> 1.0)
    dry-container (0.6.0)
      concurrent-ruby (~> 1.0)
      dry-configurable (~> 0.1, >= 0.1.3)
    dry-core (0.2.4)
      concurrent-ruby (~> 1.0)
    dry-equalizer (0.2.0)
    dry-initializer (0.11.0)
    dry-logic (0.4.1)
      dry-container (~> 0.2, >= 0.2.6)
      dry-core (~> 0.2)
      dry-equalizer (~> 0.2)
    dry-types (0.9.4)
      concurrent-ruby (~> 1.0)
      dry-configurable (~> 0.1)
      dry-container (~> 0.3)
      dry-core (~> 0.2, >= 0.2.1)
      dry-equalizer (~> 0.2)
      dry-logic (~> 0.4, >= 0.4.0)
      inflecto (~> 0.0.0, >= 0.0.2)
    faker (1.7.3)
      i18n (~> 0.5)
    i18n (0.8.1)
    inflecto (0.0.2)
    ladle (1.0.1)
      open4 (~> 1.0)
    net-ldap (0.15.0)
    open4 (1.3.4)
    rake (10.5.0)
    rom-mapper (0.5.0)
      dry-core (~> 0.2.3)
      dry-equalizer (~> 0.2)
      transproc (~> 1.0)
    thor (0.19.4)
    transproc (1.0.2)

PLATFORMS
  ruby

DEPENDENCIES
  bundler
  byebug
  faker
  rake (~> 10.0)
  rom!
  rom-ldap!

BUNDLED WITH
   1.14.6
